{
    "Modality": "MR",
    "MagneticFieldStrength": 3,
    "ImagingFrequency": 123.209,
    "Manufacturer": "Siemens",
    "ManufacturersModelName": "ConnectomA",
    "InstitutionName": "CUBRIC-3TM",
    "InstitutionalDepartmentName": "MRI_3TM",
    "InstitutionAddress": "Maindy Road StreetNo,Cardiff,Wales,GB,CF24 4HQ",
    "DeviceSerialNumber": "19950",
    "StationName": "connectom",
    "BodyPartExamined": "BRAIN",
    "PatientPosition": "HFS",
    "ProcedureStepDescription": "3TMproj^314_WAND",
    "SoftwareVersions": "syngo MR D11",
    "MRAcquisitionType": "3D",
    "SeriesDescription": "t1_mprage_sag_iso_1mm",
    "ProtocolName": "t1_mprage_sag_iso_1mm",
    "ScanningSequence": "GR\\IR",
    "SequenceVariant": "SK\\SP\\MP",
    "ScanOptions": "IR",
    "SequenceName": "*tfl3d1_16ns",
    "ImageType": [
        "ORIGINAL",
        "PRIMARY",
        "M",
        "NORM",
        "DIS3D",
        "DIS2D"
    ],
    "SeriesNumber": 16,
    "AcquisitionTime": "15:44:32.080000",
    "AcquisitionNumber": 1,
    "SliceThickness": 1,
    "SAR": 0.0703281,
    "EchoTime": 0.002,
    "RepetitionTime": 2.3,
    "SpoilingState": true,
    "InversionTime": 0.857,
    "FlipAngle": 9,
    "PartialFourier": 1,
    "BaseResolution": 256,
    "ShimSetting": [
        285,
        -1172,
        -976,
        49,
        -158,
        677,
        205,
        -354
    ],
    "TxRefAmp": 356.41,
    "PhaseResolution": 1,
    "ReceiveCoilName": "Head_32",
    "ReceiveCoilActiveElements": "HEA;HEP",
    "PulseSequenceDetails": "%SiemensSeq%\\tfl",
    "RefLinesPE": 24,
    "CoilCombinationMethod": "Adaptive Combine",
    "ConsistencyInfo": "N4_VD11D_LATEST_20110129",
    "MatrixCoilMode": "GRAPPA",
    "PercentPhaseFOV": 100,
    "PercentSampling": 100,
    "PhaseEncodingSteps": 255,
    "AcquisitionMatrixPE": 256,
    "ReconMatrixPE": 256,
    "ParallelReductionFactorInPlane": 2,
    "PixelBandwidth": 230,
    "DwellTime": 8.5e-06,
    "ImageOrientationPatientDICOM": [
        0,
        1,
        0,
        0,
        0,
        -1
    ],
    "ImageOrientationText": "Sag",
    "InPlanePhaseEncodingDirectionDICOM": "ROW",
    "ConversionSoftware": "dcm2niix",
    "ConversionSoftwareVersion": "v1.0.20211006",
    "Dcm2bidsVersion": "2.1.6"
}